GEM
  remote: https://rubygems.org/
  specs:
    rack (1.6.4)

PLATFORMS
  ruby

DEPENDENCIES
  bundler (~> 1.12)
  rack (~> 1.6, >= 1.6.4)

RUBY VERSION
   ruby 2.3.0p0

BUNDLED WITH
   1.12.5
